GEM
  remote: https://rubygems.org/
  specs:
    base64 (0.2.0)
    json (2.11.3)
    jwt (2.10.1)
      base64
    rack (2.2.13)
    rack-jwt (0.6.0)
      jwt (~> 2.1)
      rack

PLATFORMS
  x64-mingw-ucrt

DEPENDENCIES
  json
  jwt
  rack (~> 2.2.13)
  rack-jwt

BUNDLED WITH
   2.6.7
